GEM
  specs:
    aws-sdk (1.8.3)
      json (~> 1.4)
      nokogiri (>= 1.4.4)
      uuidtools (~> 2.1)
    json (1.7.6)
    nokogiri (1.5.6)
    rainbow (1.1.4)
    rake (10.0.3)
    thor (0.16.0)
    uuidtools (2.1.3)

PLATFORMS
  ruby

DEPENDENCIES
  aws-sdk
  rainbow
  rake
  thor
